FRAMEWORK: NET45
NUGET
  remote: https://www.nuget.org/api/v2
  specs:
    Aether (6.0) - framework: net45
    Chiron (4.1.0)
      Aether (>= 6.0.0)
      FParsec (>= 1.0.1)
      FSharp.Core (>= 3.1.2.1)
    Common.Logging (3.2.0)
      Common.Logging.Core (>= 3.2.0)
    Common.Logging.Core (3.2.0)
    elmah.corelibrary (1.2.2)
    elmah.io.core (1.0.0.40)
      elmah.corelibrary (>= 1.2.2)
    EventStore.Client.PreRelease (3.1.1)
      Newtonsoft.Json (>= 6.0.8)
      protobuf-net (>= 2.0.0.668)
    FAKE (2.1.205-alpha)
    FluentMigrator (1.4.0.0)
    FluentMigrator.Runner (1.4.0.0)
      FluentMigrator (>= 1.4.0.0)
    FParsec (1.0.1)
    FsCheck (0.9.2.0)
    FSharp.Core (3.1.2.5)
    FsPickler (1.3.6) - framework: net45
    FsSql (2.1.0)
      FSharp.Core (>= 3.1.2.1) - framework: >= net40
    FsUnit (1.3.1.0)
      NUnit (2.6.4)
    Fuchu (0.6.0.0)
    Fuchu.FsCheck (0.4.0.0)
      FsCheck (>= 0.9.2.0)
      Fuchu (>= 0.4.0.0)
    Hawk (0.9.2)
      FSharp.Core (>= 3.1.2.1)
      NodaTime (>= 1.3.1)
    Http.fs-prerelease (2.3.0) - framework: net45
      FSharp.Core (>= 3.1.2.1)
    log4net (2.0.3)
    loggr-dotnet (1.0.9)
    Machine.Specifications (0.9.3)
    Machine.Specifications.Should (0.7.2)
      Machine.Specifications (>= 0.7 < 1.0)
    Mailgun.Api (0.0.4)
      Chiron (>= 4.0.0)
      Http.fs-prerelease (>= 2.3.0)
      NodaTime (>= 1.3.1)
    Newtonsoft.Json (6.0.8)
    Newtonsoft.Json.FSharp (3.2.2)
      FSharp.Core (>= 3.1.2.1)
      Newtonsoft.Json (>= 6.0.8)
      NodaTime (>= 1.3.0)
    NLog (4.0.1)
    NodaTime (1.3.1)
    NodaTime.Serialization.JsonNet (1.3.1)
      Newtonsoft.Json (>= 4.5.11)
      NodaTime (>= 1.3.0)
    NUnit (2.6.4)
    protobuf-net (2.0.0.668)
    RestSharp (105.2.2)
    Suave (0.31.2)
      FSharp.Core (>= 3.1.2.5)
      FsPickler (>= 1.2.5)
    System.Data.SQLite.Core (1.0.98.1)
    Topshelf (3.2.0)
    Topshelf.FSharp (2.1.0)
      Topshelf (>= 3.2.0)
    UnionArgParser (0.9.0)
    Unquote (2.2.2)
