NUGET
  remote: https://www.nuget.org/api/v2
  specs:
    Common.Logging (2.3.1)
    Common.Logging.Core (2.2.1)
    elmah.corelibrary (1.2.2)
    elmah.io.core (1.0.0.40)
      elmah.corelibrary (>= 1.2.2)
    EventStore.Client (3.0.1)
    FAKE (2.1.205-alpha)
    FluentMigrator (1.3.1.0)
    FluentMigrator.Runner (1.3.1.0)
      FluentMigrator (>= 1.3.1.0)
    FParsec (1.0.1)
    FsCheck (0.9.2.0)
    FSharp.Core (3.1.2.1)
    FsPickler (1.0.6)
    FsSql (1.0.0)
    FsUnit (1.3.0.1)
      NUnit (>= 2.6.3)
    Fuchu (0.4.0.0)
    Fuchu.FsCheck (0.4.0.0)
      FsCheck (>= 0.9.2.0)
      Fuchu (>= 0.4.0.0)
    Intelliplan.JsonNet (2.2.0)
      FSharp.Core (>= 3.1.2.1)
      Newtonsoft.Json (>= 6.0.6)
    Intelliplan.JsonNet.NodaTime (2.2.0)
      FSharp.Core (>= 3.1.2.1)
      Newtonsoft.Json (>= 6.0.6)
      NodaTime (>= 1.3.0)
    log4net (2.0.3)
    loggr-dotnet (1.0.9)
    Machine.Specifications (0.9.1)
    Machine.Specifications.Should (0.7.2)
      Machine.Specifications (>= 0.7 <  1.0)
    Newtonsoft.Json (6.0.6)
    NLog (3.1.0.0)
    NodaTime (1.3.0)
    NUnit (2.6.3)
    protobuf-net (2.0.0.668)
    RestSharp (105.0.1)
    Suave (0.19.1)
      FsPickler (>= 1.0.3)
    System.Data.SQLite.Core (1.0.94.0)
    Topshelf (3.1.4)
    Topshelf.FSharp (1.0.0)
      Topshelf (>= 3.1.3)
    UnionArgParser (0.8.2)
    Unquote (2.2.2)
