FRAMEWORK: NET45
NUGET
  remote: https://nuget.org/api/v2
  specs:
    Aether (8.1.1)
    Argu (1.1.3)
    Chiron (6.0.1)
      Aether (>= 8.0.2 < 9.0.0)
      FParsec (>= 1.0.0 < 2.0.0)
    Common.Logging (3.3.1)
      Common.Logging.Core (>= 3.3.1)
    Common.Logging.Core (3.3.1)
    elmah.corelibrary (1.2.2)
    elmah.io.core (1.0.0.40)
      elmah.corelibrary (>= 1.2.2)
    EventStore.Client.PreRelease (3.1.1)
      Newtonsoft.Json (>= 6.0.8)
      protobuf-net (>= 2.0.0.668)
    FAKE (2.1.205-alpha)
    FluentMigrator (1.4.0)
    FluentMigrator.Runner (1.4.0)
      FluentMigrator (>= 1.4.0.0)
    FParsec (1.0.2)
    FsCheck (2.2.3)
      FSharp.Core (>= 3.1.2.5)
    FSharp.Core (3.1.2.5)
    FsSql (2.1.0)
      FSharp.Core (>= 3.1.2.1)
    FsUnit (1.4.1)
      FSharp.Core (>= 3.1.2.5)
      NUnit (2.6.4)
    Fuchu (1.0.2)
      FSharp.Core (>= 3.1.2.1)
    Fuchu.FsCheck (1.0.2)
      FsCheck (>= 2.2.2)
      FSharp.Core (>= 3.1.2.5)
      Fuchu (>= 1.0.2.0)
    Hawk (1.0.1)
      FSharp.Core (>= 3.1.2.5)
      NodaTime (>= 1.3.1)
    Http.fs-prerelease (2.4.0)
      FSharp.Core (>= 3.1.2.1)
    log4net (2.0.4)
    loggr-dotnet (1.0.9)
    Machine.Specifications (0.9.3)
    Machine.Specifications.Should (0.8.0)
      Machine.Specifications (>= 0.9 < 1.0)
    Mailgun.Api (0.1.0)
      Chiron (>= 5.2.1)
      Http.fs-prerelease (>= 2.4.0)
      NodaTime (>= 1.3.1)
    Newtonsoft.Json (7.0.1)
    Newtonsoft.Json.FSharp (3.2.2)
      FSharp.Core (>= 3.1.2.1)
      Newtonsoft.Json (>= 6.0.8)
      NodaTime (>= 1.3.0)
    NLog (4.2.2)
    NodaTime (1.3.1)
    NodaTime.Serialization.JsonNet (1.3.1)
      Newtonsoft.Json (>= 4.5.11)
      NodaTime (>= 1.3.0)
    NUnit (2.6.4)
    protobuf-net (2.0.0.668)
    RestSharp (105.2.3)
    Suave (1.1.0)
      FSharp.Core (>= 3.1.2.5)
    System.Data.SQLite.Core (1.0.99)
    Topshelf (3.3.0)
    Topshelf.FSharp (2.1.0)
      Topshelf (>= 3.2.0)
    Unquote (3.1.0)
GITHUB
  remote: haf/expecto-patronum
  specs:
    ExpectoPatronum/Assert.fs (7a8734f80a1e8dab75e25283ee98382267030f5b)