REDIRECTS: ON
RESTRICTION: || (== net45) (== net452) (== net461)
NUGET
  remote: https://www.nuget.org/api/v2
    aliyun-log-csharp-sdk (0.6)
      Newtonsoft.Json (>= 10.0.2)
    ApacheThrift (0.9.3)
    Argu (3.7)
    Autofac (4.6.2)
    Castle.Core (4.2.1)
    Chiron (7.0.0-alpha-170410)
      FParsec (>= 1.0.2)
      FSharp.Core (>= 4.1)
    Common.Logging (3.4.1)
      Common.Logging.Core (>= 3.4.1)
    Common.Logging.Core (3.4.1)
      Microsoft.CSharp (>= 4.0.1)
    elmah.corelibrary (1.2.2)
    Elmah.Io.Client (3.0.47)
      Microsoft.Rest.ClientRuntime (>= 2.3.2)
    elmah.io.core (2.0.29)
      elmah.corelibrary (>= 1.2.2)
      Elmah.Io.Client (>= 2.0.29)
    EventStore.Client (3.9.2)
    Expecto (5.0.1)
      Argu (>= 3.7)
      FSharp.Core (>= 4.1.12)
      Mono.Cecil (>= 0.10.0-beta5)
    Expecto.FsCheck (5.0.1)
      Expecto (>= 5.0.1)
      FsCheck (>= 2.8)
      FSharp.Core (>= 4.1.12)
    FAKE (4.63.2)
    FluentMigrator (1.6.2)
    FluentMigrator.Runner (1.6.2)
      FluentMigrator (>= 1.6.2)
    FParsec (1.0.3)
      FSharp.Core (>= 4.0.0.1)
    FsCheck (2.10.4)
      FSharp.Core (>= 4.1)
    FSharp.Core (4.2.3) - redirects: force
    FsPickler (4.5)
      FSharp.Core (>= 3.1)
    FsPickler.Json (4.5)
      FSharp.Core (>= 3.1)
      FsPickler (4.5)
      Newtonsoft.Json (>= 6.0.5)
    FsSql (2.1)
      FSharp.Core (>= 3.1.2.1)
    fszmq (12.2.2)
      FSharp.Core
    Google.Api.CommonProtos (1.1)
      Google.Protobuf (>= 3.3)
    Google.Api.Gax (2.2.1)
      Newtonsoft.Json (>= 10.0.2)
      System.Interactive.Async (>= 3.1.1)
      System.Net.Http (>= 4.1.1)
    Google.Api.Gax.Grpc (2.2.1)
      Google.Api.CommonProtos (>= 1.1)
      Google.Api.Gax (>= 2.2.1)
      Google.Apis.Auth (>= 1.30)
      Grpc.Auth (>= 1.7)
      Grpc.Core (>= 1.7.1)
    Google.Api.Gax.Rest (2.2.1)
      Google.Api.Gax (>= 2.2.1)
      Google.Apis.Auth (>= 1.30)
    Google.Apis (1.30)
      Google.Apis.Core (>= 1.30)
      Newtonsoft.Json (>= 10.0.2)
      System.Net.Http (>= 4.3.1)
    Google.Apis.Auth (1.30)
      Google.Apis (>= 1.30)
      Google.Apis.Core (>= 1.30)
    Google.Apis.Core (1.30)
      Newtonsoft.Json (>= 10.0.2)
      System.Net.Http (>= 4.3.1)
    Google.Cloud.Logging.Type (2.0)
      Google.Api.CommonProtos (>= 1.1)
    Google.Cloud.Logging.V2 (2.1)
      Google.Api.Gax.Grpc (>= 2.2.1)
      Google.Cloud.Logging.Type (>= 2.0)
      Grpc.Core (>= 1.7.1)
    Google.Protobuf (3.4.1)
    Grpc.Auth (1.7)
      Google.Apis.Auth (>= 1.21)
      Grpc.Core (>= 1.7)
    Grpc.Core (1.7.1)
      System.Interactive.Async (>= 3.1.1)
    Hopac (0.3.23)
      FSharp.Core (>= 3.1.2.5)
    Http.fs (4.1.2)
      FSharp.Core (>= 3.1.2.5)
      Hopac (>= 0.3.21)
    log4net (2.0.8)
    Machine.Specifications (0.12)
    Machine.Specifications.Runner.Console (0.9.3)
    Machine.Specifications.Should (0.11)
      Machine.Specifications (>= 0.11)
    Mailgun.Api (0.5)
      Chiron (>= 6.2.1)
      Http.fs (>= 4.1)
      NodaTime (>= 1.3.2)
    Microsoft.ApplicationInsights (2.4)
      System.Diagnostics.DiagnosticSource (>= 4.4)
    Microsoft.ApplicationInsights.Agent.Intercept (2.4)
    Microsoft.ApplicationInsights.DependencyCollector (2.4.1)
      Microsoft.ApplicationInsights (2.4)
      Microsoft.ApplicationInsights.Agent.Intercept (>= 2.4)
      System.Diagnostics.DiagnosticSource (>= 4.4)
    Microsoft.CSharp (4.4)
    Microsoft.NETCore.Platforms (2.0.1) - restriction: || (&& (== net45) (>= monotouch)) (&& (== net45) (>= net46)) (&& (== net45) (>= net461)) (&& (== net45) (>= netcoreapp2.0)) (&& (== net45) (>= netstandard1.3)) (&& (== net45) (>= uap10.0)) (&& (== net45) (>= xamarinios)) (&& (== net45) (>= xamarinmac)) (&& (== net45) (>= xamarintvos)) (&& (== net45) (>= xamarinwatchos)) (&& (== net452) (>= monotouch)) (&& (== net452) (< net45) (>= netstandard1.4)) (&& (== net452) (< net45) (>= netstandard1.5)) (&& (== net452) (< net45) (>= netstandard1.6)) (&& (== net452) (< net45) (>= netstandard2.0)) (&& (== net452) (>= net46)) (&& (== net452) (>= net461)) (&& (== net452) (>= netcoreapp2.0)) (&& (== net452) (>= netstandard1.3)) (&& (== net452) (>= uap10.0)) (&& (== net452) (>= xamarinios)) (&& (== net452) (>= xamarinmac)) (&& (== net452) (>= xamarintvos)) (&& (== net452) (>= xamarinwatchos)) (== net461)
    Microsoft.Rest.ClientRuntime (2.3.10)
      Newtonsoft.Json (>= 6.0.8) - restriction: || (&& (== net45) (>= net452)) (== net452) (== net461)
    Mono.Cecil (0.10.0-beta7)
    NETStandard.Library (2.0.1) - restriction: || (&& (== net45) (>= netstandard1.3)) (&& (== net452) (>= netstandard1.3)) (== net461)
      Microsoft.NETCore.Platforms (>= 1.1)
    Newtonsoft.Json (10.0.3)
    Nito.AsyncEx.Context (1.1)
      Nito.AsyncEx.Tasks (>= 1.1) - restriction: || (&& (== net45) (>= netstandard1.3)) (&& (== net452) (>= netstandard1.3)) (== net461)
    Nito.AsyncEx.Tasks (1.1) - restriction: || (&& (== net45) (>= netstandard1.3)) (&& (== net452) (>= netstandard1.3)) (== net461)
      Nito.Disposables (>= 1.0) - restriction: || (&& (== net45) (>= netstandard1.3)) (&& (== net452) (>= netstandard1.3)) (== net461)
    Nito.Disposables (1.2.3) - restriction: || (&& (== net45) (>= netstandard1.3)) (&& (== net452) (>= netstandard1.3)) (== net461)
      NETStandard.Library (>= 1.6.1)
      System.Collections.Immutable (>= 1.4)
    NLog (4.4.12)
    NodaTime (2.2.3)
    protobuf-net (2.3.2)
    RabbitMQ.Client (3.6.9)
    SQLite.Interop (1.0)
    SQLite.Interop.dll (1.0.103)
    Suave (2.2.1)
      FSharp.Core (>= 4.0.0.1)
    System.Collections.Immutable (1.4) - restriction: || (&& (== net45) (>= netstandard1.3)) (&& (== net452) (>= netstandard1.3)) (== net461)
      NETStandard.Library (>= 1.6.1)
    System.Data.SQLite.Core (1.0.106)
    System.Diagnostics.Contracts (4.3) - restriction: || (== net45) (== net452) (&& (== net461) (< netstandard1.3))
    System.Diagnostics.Debug (4.3) - restriction: || (== net45) (== net452) (&& (== net461) (< netstandard1.3))
    System.Diagnostics.DiagnosticSource (4.4.1)
    System.Interactive.Async (3.1.1)
    System.Linq (4.3) - restriction: || (== net45) (== net452) (&& (== net461) (< netstandard1.3))
    System.Net.Http (4.3.3)
      System.Security.Cryptography.X509Certificates (>= 4.3) - restriction: || (&& (== net45) (>= net46)) (&& (== net45) (< portable-net45+win8+wpa81)) (&& (== net452) (< net45) (>= netstandard1.3)) (&& (== net452) (< net45) (>= netstandard1.6)) (&& (== net452) (>= net46)) (&& (== net452) (< portable-net45+win8+wpa81)) (== net461)
    System.Reflection (4.3) - restriction: || (== net45) (== net452) (&& (== net461) (< net46)) (&& (== net461) (< netstandard1.3))
    System.Reflection.Primitives (4.3) - restriction: || (== net45) (== net452) (&& (== net461) (< netstandard1.3))
    System.Reflection.TypeExtensions (4.4)
      System.Diagnostics.Contracts (>= 4.3) - restriction: || (== net45) (== net452) (&& (== net461) (< netstandard1.3))
      System.Diagnostics.Debug (>= 4.3) - restriction: || (== net45) (== net452) (&& (== net461) (< netstandard1.3))
      System.Linq (>= 4.3) - restriction: || (== net45) (== net452) (&& (== net461) (< netstandard1.3))
      System.Reflection (>= 4.3) - restriction: || (== net45) (== net452) (&& (== net461) (< net46)) (&& (== net461) (< netstandard1.3))
      System.Reflection.Primitives (>= 4.3) - restriction: || (== net45) (== net452) (&& (== net461) (< netstandard1.3))
      System.Resources.ResourceManager (>= 4.3) - restriction: || (== net45) (== net452) (&& (== net461) (< net46)) (&& (== net461) (< netstandard1.3))
      System.Runtime (>= 4.3) - restriction: || (== net45) (== net452) (&& (== net461) (< net46)) (&& (== net461) (< netstandard1.3))
      System.Runtime.Extensions (>= 4.3) - restriction: || (== net45) (== net452) (&& (== net461) (< netstandard1.3))
    System.Resources.ResourceManager (4.3) - restriction: || (== net45) (== net452) (&& (== net461) (< net46)) (&& (== net461) (< netstandard1.3))
    System.Runtime (4.3) - restriction: || (== net45) (== net452) (&& (== net461) (< net46)) (&& (== net461) (< netstandard1.3))
    System.Runtime.Extensions (4.3) - restriction: || (== net45) (== net452) (&& (== net461) (< netstandard1.3))
    System.Security.Cryptography.Algorithms (4.3.1) - restriction: || (&& (== net45) (>= net46)) (&& (== net45) (>= net461)) (&& (== net45) (< portable-net45+win8+wpa81)) (&& (== net452) (< net45) (>= netstandard1.3)) (&& (== net452) (< net45) (>= netstandard1.4)) (&& (== net452) (< net45) (>= netstandard1.6)) (&& (== net452) (>= net46)) (&& (== net452) (>= net461)) (&& (== net452) (< portable-net45+win8+wpa81)) (== net461)
      System.Security.Cryptography.Primitives (>= 4.3)
    System.Security.Cryptography.Encoding (4.3) - restriction: || (&& (== net45) (>= net46)) (&& (== net45) (>= net461)) (&& (== net45) (< portable-net45+win8+wpa81)) (&& (== net452) (< net45) (>= netstandard1.3)) (&& (== net452) (< net45) (>= netstandard1.4)) (&& (== net452) (< net45) (>= netstandard1.6)) (&& (== net452) (>= net46)) (&& (== net452) (>= net461)) (&& (== net452) (< portable-net45+win8+wpa81)) (== net461)
    System.Security.Cryptography.Primitives (4.3) - restriction: || (&& (== net45) (>= net46)) (&& (== net45) (>= net461)) (&& (== net45) (>= net463)) (&& (== net45) (< portable-net45+win8+wpa81)) (&& (== net452) (< net45) (>= netstandard1.3)) (&& (== net452) (< net45) (>= netstandard1.4)) (&& (== net452) (< net45) (>= netstandard1.6)) (&& (== net452) (>= net46)) (&& (== net452) (>= net461)) (&& (== net452) (>= net463)) (&& (== net452) (< portable-net45+win8+wpa81)) (== net461)
    System.Security.Cryptography.X509Certificates (4.3.2) - restriction: || (&& (== net45) (>= net46)) (&& (== net45) (< portable-net45+win8+wpa81)) (&& (== net452) (< net45) (>= netstandard1.3)) (&& (== net452) (< net45) (>= netstandard1.6)) (&& (== net452) (>= net46)) (&& (== net452) (< portable-net45+win8+wpa81)) (== net461)
      System.Security.Cryptography.Algorithms (>= 4.3)
      System.Security.Cryptography.Encoding (>= 4.3)
    Topshelf (4.0.3)
    Topshelf.FSharp (3.0)
      Topshelf (>= 4.0.2)
    TweetinviAPI (2.1)
      Autofac (>= 4.6.2)
      Newtonsoft.Json (>= 10.0.3)
      Nito.AsyncEx.Context (>= 1.1)
      System.Net.Http (>= 4.3.2)
      System.Reflection.TypeExtensions (>= 4.3)
    Unquote (4.0)
GITHUB
  remote: xyncro/aether
    src/Aether/Aether.fs (2e7b07104c47a02d5e92ff5eda0bc950ef57ae2e)
  remote: eiriktsarpalis/TypeShape
    src/TypeShape/TypeShape.fs (59e0226d2ba30e013c1969c7a476485724b15718)
  remote: haf/YoLo
    YoLo.fs (d9778b7c90e6e4335315d123c8201eefd6cb1239)
  remote: logary/RingBuffer
    RingBuffer.fs (0fa46d2ed3d92679517c942240a1dc674767e69e)
      Expecto
      Hopac
  remote: logary/logary
    src/Logary.CSharp.Facade/Facade.cs (5173cf2c3b1af1230e053777c56a6ce1327b0cc4)
    src/Logary.Facade/Facade.fs (5173cf2c3b1af1230e053777c56a6ce1327b0cc4)
GROUP Examples
REDIRECTS: ON
RESTRICTION: >= net45
NUGET
  remote: https://www.nuget.org/api/v2
    Elmah.Io.Client (3.0.47)
      Microsoft.Rest.ClientRuntime (>= 2.3.2)
    FParsec (1.0.3)
      FSharp.Core (>= 4.0.0.1)
    FSharp.Core (4.2.3)
    FsSql (2.1)
      FSharp.Core (>= 3.1.2.1)
    fszmq (12.2.2)
      FSharp.Core
    Hopac (0.3.23)
      FSharp.Core (>= 3.1.2.5) - restriction: && (>= net45) (< netstandard1.6)
      FSharp.Core (>= 4.0.1.7-alpha) - restriction: && (>= net45) (>= netstandard1.6)
      NETStandard.Library (>= 1.6) - restriction: && (>= net45) (>= netstandard1.6)
    Http.fs (4.1.2)
      FSharp.Core (>= 3.1.2.5)
      Hopac (>= 0.3.21)
    Logary (4.2.1)
      FParsec (>= 1.0.2)
      FSharp.Core (>= 4.0.0.1)
      Hopac (>= 0.3.23)
      NodaTime (>= 1.3.2)
    Logary.CSharp (4.2.1)
      FSharp.Core (>= 4.0.0.1)
      Hopac (>= 0.3.23)
      Logary (>= 4.2.1)
      NodaTime (>= 1.3.2)
    Logary.Targets.DB (4.2.1)
      FSharp.Core (>= 4.0.0.1)
      FsSql (>= 2.1)
      Hopac (>= 0.3.23)
      Logary (>= 4.2.1)
      NodaTime (>= 1.3.2)
    Logary.Targets.ElasticSearch (4.2.1)
      FSharp.Core (>= 4.0.0.1)
      Hopac (>= 0.3.23)
      Http.fs (>= 4.1)
      Logary (>= 4.2.1)
      NodaTime (>= 1.3.2)
    Logary.Targets.Elmah.Io (4.2.1)
      Elmah.Io.Client (>= 2.0.29)
      FSharp.Core (>= 4.0.0.1)
      Hopac (>= 0.3.23)
      Logary (>= 4.2.1)
      NodaTime (>= 1.3.2)
    Logary.Targets.InfluxDb (4.2.1)
      FParsec (>= 1.0.2)
      FSharp.Core (>= 4.0.0.1)
      Hopac (>= 0.3.23)
      Http.fs (>= 4.1)
      Logary (>= 4.2.1)
      NodaTime (>= 1.3.2)
    Logary.Targets.Logstash (4.2.1)
      FSharp.Core (>= 4.0.0.1)
      fszmq (>= 12.2.1)
      Hopac (>= 0.3.23)
      Logary (>= 4.2.1)
      NodaTime (>= 1.3.2)
    Microsoft.NETCore.Platforms (2.0.1) - restriction: || (&& (>= monotouch) (>= net45)) (&& (>= net45) (>= netcoreapp2.0)) (&& (>= net45) (< netstandard1.0) (>= netstandard1.6)) (&& (>= net45) (< netstandard1.3) (>= netstandard1.6) (>= wpa81)) (&& (>= net45) (>= netstandard1.6) (< portable-net45+win8+wpa81)) (&& (>= net45) (>= netstandard1.6) (< portable-net451+win81+wpa81)) (&& (>= net45) (>= netstandard1.6) (>= uap10.0)) (&& (>= net45) (>= xamarinios)) (&& (>= net45) (>= xamarinmac)) (&& (>= net45) (>= xamarintvos)) (&& (>= net45) (>= xamarinwatchos)) (&& (>= net451) (< netstandard1.3) (>= netstandard1.6)) (&& (>= net46) (< netstandard1.4) (>= netstandard1.6)) (&& (>= net461) (>= netstandard1.6))
    Microsoft.Rest.ClientRuntime (2.3.10)
      Newtonsoft.Json (>= 6.0.8) - restriction: >= net452
    NETStandard.Library (2.0.1) - restriction: && (>= net45) (>= netstandard1.6)
      Microsoft.NETCore.Platforms (>= 1.1)
    Newtonsoft.Json (10.0.3) - restriction: >= net452
    NodaTime (2.2.3)
