REDIRECTS: ON
FRAMEWORK: NET45, NET452, NET461
NUGET
  remote: https://www.nuget.org/api/v2
    Aether (8.1.2)
    ApacheThrift (0.9.3)
    Argu (3.7)
    Autofac (4.3)
    Castle.Core (4.0)
    Chiron (6.2.1)
      Aether (>= 8.0.2 < 9.0)
      FParsec (>= 1.0 < 2.0)
    Common.Logging (3.3.1)
      Common.Logging.Core (>= 3.3.1)
    Common.Logging.Core (3.3.1)
    elmah.corelibrary (1.2.2)
    elmah.io.client (2.0.29)
    elmah.io.core (2.0.29)
      elmah.corelibrary (>= 1.2.2)
      elmah.io.client (>= 2.0.29)
    EventStore.Client (3.9.2)
    Expecto (3.2.1)
      Argu (>= 3.2)
      FSharp.Core (>= 3.1.2.5)
      Mono.Cecil (>= 0.9.6.4)
    Expecto.FsCheck (3.2.1)
      Expecto (>= 3.2.1)
      FsCheck (>= 2.6.2)
      FSharp.Core (>= 3.1.2.5)
    FAKE (4.50)
    FluentMigrator (1.6.2)
    FluentMigrator.Runner (1.6.2)
      FluentMigrator (>= 1.6.2)
    FParsec (1.0.2)
    FsCheck (2.7)
      FSharp.Core (>= 3.1.2.5)
    FSharp.Core (4.0.0.1) - redirects: force
    FsPickler (3.2)
    FsSql (2.1)
      FSharp.Core (>= 3.1.2.1)
    fszmq (12.2.1)
      FSharp.Core
    Google.Api.CommonProtos (1.0.0-beta05)
      Google.Protobuf (>= 3.0)
    Google.Api.Gax (1.0.0-beta07)
      Google.Apis.Auth (>= 1.20)
      System.Interactive.Async (>= 3.1.1)
    Google.Api.Gax.Grpc (1.0.0-beta07)
      Google.Api.Gax (>= 1.0.0-beta07)
      Google.Apis.Auth (>= 1.20)
      Google.Protobuf (>= 3.0)
      Grpc.Auth (>= 1.0.1)
      Grpc.Core (>= 1.0.1)
    Google.Api.Gax.Rest (1.0.0-beta07)
      Google.Api.Gax (>= 1.0.0-beta07)
      Google.Apis (>= 1.20)
      Google.Apis.Auth (>= 1.20)
    Google.Apis (1.20)
      Google.Apis.Core (>= 1.20)
      log4net (>= 2.0.3)
      Zlib.Portable.Signed (>= 1.11)
    Google.Apis.Auth (1.20)
      Google.Apis (>= 1.20)
      Google.Apis.Core (>= 1.20)
    Google.Apis.Core (1.20)
      Newtonsoft.Json (>= 7.0.1)
    Google.Cloud.Logging.Type (1.0.0-beta06)
      Google.Api.CommonProtos (>= 1.0.0-beta05)
    Google.Cloud.Logging.V2 (1.0.0-beta06)
      Google.Api.Gax.Grpc (>= 1.0.0-beta06)
      Google.Cloud.Logging.Type (>= 1.0.0-beta06)
    Google.Protobuf (3.1)
    Grpc.Auth (1.0.1)
      Google.Apis.Auth (>= 1.16)
      Grpc.Core (>= 1.0.1)
    Grpc.Core (1.0.1)
      System.Interactive.Async (>= 3.0)
    Hopac (0.3.23)
      FSharp.Core (>= 3.1.2.5)
    Http.fs (4.1)
      FSharp.Core (>= 3.1.2.5)
      Hopac (>= 0.3.21)
    log4net (2.0.7)
    Machine.Specifications (0.11)
    Machine.Specifications.Runner.Console (0.9.2)
    Machine.Specifications.Should (0.11)
      Machine.Specifications (>= 0.11)
    Mailgun.Api (0.5)
      Chiron (>= 6.2.1)
      Http.fs (>= 4.1)
      NodaTime (>= 1.3.2)
    Microsoft.Bcl (1.1.10)
      Microsoft.Bcl.Build (>= 1.0.14)
    Microsoft.Bcl.Async (1.0.168)
      Microsoft.Bcl (>= 1.1.8)
    Microsoft.Bcl.Build (1.0.21) - import_targets: false
    Microsoft.Net.Http (2.2.29)
      Microsoft.Bcl (>= 1.1.10)
      Microsoft.Bcl.Build (>= 1.0.14)
    Mono.Cecil (0.9.6.4)
    Newtonsoft.Json (9.0.1)
    NodaTime (1.3.2)
    protobuf-net (2.1)
    RabbitMQ.Client (3.6.6)
    Suave (2.0.2)
      FSharp.Core (>= 4.0.0.1)
    System.Data.SQLite.Core (1.0.104)
    System.Interactive.Async (3.1.1)
    Topshelf (4.0.3)
    Topshelf.FSharp (3.0)
      Topshelf (>= 4.0.2)
    TweetinviAPI (1.2.0.1)
      Autofac (>= 3.5.2)
      Microsoft.Bcl.Async (>= 1.0.168)
      Microsoft.Bcl.Build (>= 1.0.21)
      Microsoft.Net.Http (>= 2.2.29)
      Newtonsoft.Json (>= 9.0.1)
    Unquote (3.1.2)
    Zlib.Portable.Signed (1.11)
GITHUB
  remote: xyncro/chiron
    src/Chiron/Chiron.fs (e32f8b47f34e796b663ddf1d3994950752dc5d6b)
  remote: xyncro/aether
    src/Aether/Aether.fs (2e7b07104c47a02d5e92ff5eda0bc950ef57ae2e)
  remote: eiriktsarpalis/TypeShape
    src/TypeShape/TypeShape.fs (59e0226d2ba30e013c1969c7a476485724b15718)
  remote: haf/YoLo
    YoLo.fs (76e16a4c9338c2f04cb067add0e3a33b42a0f396)
  remote: logary/RingBuffer
    RingBuffer.fs (4557d607737e748b54eb6de3ec5e5cd02247b2a5)
      Hopac
  remote: logary/logary
    src/Logary.CSharp.Facade/Facade.cs (ca0cb10dfdb443423e22bbad8eb8ec0f713a72cf)
    src/Logary.Facade/Facade.fs (ca0cb10dfdb443423e22bbad8eb8ec0f713a72cf)
GROUP Examples
REDIRECTS: ON
FRAMEWORK: >= NET45
NUGET
  remote: https://www.nuget.org/api/v2
    elmah.io.client (2.0.29)
    FParsec (1.0.2)
    FSharp.Core (4.0.0.1)
    FsSql (2.1)
      FSharp.Core (>= 3.1.2.1)
    fszmq (12.2.1)
      FSharp.Core
    Hopac (0.3.23)
      FSharp.Core (>= 3.1.2.5)
    Http.fs (4.1)
      FSharp.Core (>= 3.1.2.5)
      Hopac (>= 0.3.21)
    Logary (4.0.304)
      FParsec (>= 1.0.2)
      FSharp.Core (>= 4.0.0.1)
      Hopac (>= 0.3.23)
      NodaTime (>= 1.3.2)
    Logary.CSharp (4.0.304)
      FSharp.Core (>= 4.0.0.1)
      Hopac (>= 0.3.23)
      Logary (>= 4.0.304)
      NodaTime (>= 1.3.2)
    Logary.Targets.DB (4.0.304)
      FSharp.Core (>= 4.0.0.1)
      FsSql (>= 2.1)
      Hopac (>= 0.3.23)
      Logary (>= 4.0.304)
      NodaTime (>= 1.3.2)
    Logary.Targets.ElasticSearch (4.0.304)
      FSharp.Core (>= 4.0.0.1)
      Hopac (>= 0.3.23)
      Http.fs (>= 4.1)
      Logary (>= 4.0.304)
      NodaTime (>= 1.3.2)
    Logary.Targets.Elmah.Io (4.0.304)
      elmah.io.client (>= 2.0.29)
      FSharp.Core (>= 4.0.0.1)
      Hopac (>= 0.3.23)
      Logary (>= 4.0.304)
      NodaTime (>= 1.3.2)
    Logary.Targets.InfluxDb (4.0.304)
      FParsec (>= 1.0.2)
      FSharp.Core (>= 4.0.0.1)
      Hopac (>= 0.3.23)
      Http.fs (>= 4.1)
      Logary (>= 4.0.304)
      NodaTime (>= 1.3.2)
    Logary.Targets.Logstash (4.0.304)
      FSharp.Core (>= 4.0.0.1)
      fszmq (>= 12.2.1)
      Hopac (>= 0.3.23)
      Logary (>= 4.0.304)
      NodaTime (>= 1.3.2)
    NodaTime (1.3.2)
