REDIRECTS: ON
FRAMEWORK: >= NET45
NUGET
  remote: https://www.nuget.org/api/v2
    Aether (8.1.2)
    ApacheThrift (0.9.3)
    Argu (3.2)
    Castle.Core (3.3.3)
    Chiron (6.2)
      Aether (>= 8.0.2 < 9.0)
      FParsec (>= 1.0 < 2.0)
    Common.Logging (3.3.1)
      Common.Logging.Core (>= 3.3.1)
    Common.Logging.Core (3.3.1)
    elmah.corelibrary (1.2.2)
    elmah.io (2.0.29)
      elmah.io.core (>= 2.0.29)
    elmah.io.client (2.0.29)
    elmah.io.core (2.0.29)
      elmah.corelibrary (>= 1.2.2)
      elmah.io.client (>= 2.0.29)
    EventStore.Client (3.8)
    FAKE (4.36)
    FluentMigrator (1.6.2)
    FluentMigrator.Runner (1.6.2)
      FluentMigrator (>= 1.6.2)
    FParsec (1.0.2)
    FsCheck (2.6)
      FSharp.Core (>= 3.1.2.5)
    FSharp.Core (4.0.0.1) - redirects: force
    FsPickler (3.0)
    FsSql (2.1)
      FSharp.Core (>= 3.1.2.1)
    fszmq (12.2.1)
      FSharp.Core
    Fuchu (1.0.3)
      FSharp.Core (>= 3.1.2.1)
    Fuchu.FsCheck (1.0.3)
      FsCheck (>= 2.2.4)
      FSharp.Core (>= 3.1.2.5)
      Fuchu (>= 1.0.3)
    Hawk (3.0.5)
      FSharp.Core (>= 3.1.2.5)
      NodaTime (>= 1.3.1)
    Hopac (0.3.6)
      FSharp.Core (>= 3.1.2.5)
    Http.fs (3.0.7)
      FSharp.Core (>= 3.1.2.5)
      Hopac (>= 0.3.4)
    log4net (2.0.5)
    Machine.Specifications (0.11)
    Machine.Specifications.Runner.Console (0.9.2)
    Machine.Specifications.Should (0.11)
      Machine.Specifications (>= 0.11)
    Mailgun.Api (0.3)
      Chiron (>= 6.2)
      Http.fs (>= 3.0.6)
      NodaTime (>= 1.3.2)
    NodaTime (1.3.2)
    protobuf-net (2.1)
    RabbitMQ.Client (3.6.5)
    Suave (1.1.3)
      FSharp.Core (>= 3.1.2.5)
    System.Data.SQLite.Core (1.0.102)
    Topshelf (3.3.1)
    Topshelf.FSharp (2.1)
      Topshelf (>= 3.2)
    Unquote (3.1.2)
GITHUB
  remote: xyncro/chiron
    src/Chiron/Chiron.fs (e0f4c122b21cb02d47ae3f4f83924b2dcb8dea9e)
  remote: xyncro/aether
    src/Aether/Aether.fs (5b5c05db2414562e9f3f679d42284638e63b9f3a)
  remote: haf/YoLo
    YoLo.fs (c8cab523cd9cc30d3a5a450249de561e5069dc6d)
  remote: haf/expecto-patronum
    ExpectoPatronum/Assert.fs (45ad4c524e16190ad105676f925f1e0bf09fa8f0)
  remote: logary/RingBuffer
    RingBuffer.fs (4557d607737e748b54eb6de3ec5e5cd02247b2a5)
      Hopac
  remote: logary/logary
    src/Logary.Facade/Facade.fs (92130592b3b225937a0a0f5a34f87053c800b7cb)
GROUP Examples
REDIRECTS: ON
FRAMEWORK: >= NET45
NUGET
  remote: https://www.nuget.org/api/v2
    FParsec (1.0.2)
    FSharp.Core (4.0.0.1)
    FsSql (2.1)
      FSharp.Core (>= 3.1.2.1)
    fszmq (12.2.1)
      FSharp.Core
    Hopac (0.3.7)
      FSharp.Core (>= 3.1.2.5)
    Http.fs (3.0.7)
      FSharp.Core (>= 3.1.2.5)
      Hopac (>= 0.3.4)
    Logary (4.0.41)
      FParsec (>= 1.0.2)
      FSharp.Core (>= 4.0.0.1)
      Hopac (>= 0.3.6)
      NodaTime (>= 1.3.2)
    Logary.CSharp (4.0.41)
      FSharp.Core (>= 4.0.0.1)
      Hopac (>= 0.3.6)
      Logary (>= 4.0.41)
      NodaTime (>= 1.3.2)
    Logary.Targets.DB (4.0.41)
      FSharp.Core (>= 4.0.0.1)
      FsSql (>= 2.1)
      Hopac (>= 0.3.6)
      Logary (>= 4.0.41)
      NodaTime (>= 1.3.2)
    Logary.Targets.ElasticSearch (4.0.41)
      FSharp.Core (>= 4.0.0.1)
      Hopac (>= 0.3.6)
      Http.fs (>= 3.0.7)
      Logary (>= 4.0.41)
      NodaTime (>= 1.3.2)
    Logary.Targets.InfluxDb (4.0.41)
      FParsec (>= 1.0.2)
      FSharp.Core (>= 4.0.0.1)
      Hopac (>= 0.3.6)
      Http.fs (>= 3.0.7)
      Logary (>= 4.0.41)
      NodaTime (>= 1.3.2)
    Logary.Targets.Logstash (4.0.41)
      FSharp.Core (>= 4.0.0.1)
      fszmq (>= 12.2.1)
      Hopac (>= 0.3.6)
      Logary (>= 4.0.41)
      NodaTime (>= 1.3.2)
    Logary.Targets.RabbitMQ (4.0.41)
      FSharp.Core (>= 4.0.0.1)
      Hopac (>= 0.3.6)
      Logary (>= 4.0.41)
      NodaTime (>= 1.3.2)
      RabbitMQ.Client (>= 3.6.5)
    NodaTime (1.3.2)
    RabbitMQ.Client (3.6.5)
