NUGET
  remote: https://www.nuget.org/api/v2
  specs:
    Aether (6.0)
    Chiron (4.0.0)
      Aether (>= 6.0.0)
      FParsec (>= 1.0.1)
      FSharp.Core (>= 3.1.2.1)
    Common.Logging (3.1.0)
      Common.Logging.Core (>= 3.1.0)
    Common.Logging.Core (3.1.0)
    elmah.corelibrary (1.2.2)
    elmah.io.core (1.0.0.40)
      elmah.corelibrary (>= 1.2.2)
    EventStore.Client.PreRelease (3.1.0)
    FAKE (2.1.205-alpha)
    FluentMigrator (1.4.0.0)
    FluentMigrator.Runner (1.4.0.0)
      FluentMigrator (>= 1.4.0.0)
    FParsec (1.0.1)
    FsCheck (0.9.2.0)
    FSharp.Core (3.1.2.1)
    FsPickler (1.2.9)
    FsSql (2.1.0)
      FSharp.Core (>= 3.1.2.1) - framework: >= net40
    FsUnit (1.3.0.1)
      NUnit (>= 2.6.3)
    Fuchu (0.6.0.0)
    Fuchu.FsCheck (0.4.0.0)
      FsCheck (>= 0.9.2.0)
      Fuchu (>= 0.4.0.0)
    Hawk (0.9.1)
      FSharp.Core (>= 3.1.2.1)
      NodaTime (>= 1.3.1)
    Hopac (0.0.0.47)
      FSharp.Core (>= 3.1.2.1)
    Http.fs-prerelease (2.3.0)
      FSharp.Core (>= 3.1.2.1)
    log4net (2.0.3)
    loggr-dotnet (1.0.9)
    Machine.Specifications (0.9.1)
    Machine.Specifications.Should (0.7.2)
      Machine.Specifications (>= 0.7 < 1.0)
    Mailgun.Api (0.0.4)
      Chiron (>= 4.0.0)
      Http.fs-prerelease (>= 2.3.0)
      NodaTime (>= 1.3.1)
    NLog (4.0.0)
    NodaTime (1.3.1)
    NUnit (2.6.4)
    protobuf-net (2.0.0.668)
    RestSharp (105.1.0)
    Suave (0.29.0)
      FSharp.Core (>= 3.1.2.1)
      FsPickler (>= 1.2.5)
    System.Data.SQLite.Core (1.0.97.0)
    Topshelf (3.2.0)
    Topshelf.FSharp (1.0.0)
      Topshelf (>= 3.1.3)
    UnionArgParser (0.8.7)
    Unquote (2.2.2)
GITHUB
  remote: xyncro/chiron
  specs:
    src/Chiron/Chiron.fs (b446507de62ecd18ac1d24361a773d17b897d1d2)
  remote: xyncro/aether
  specs:
    src/Aether/Aether.fs (d87e627e2124bc7297ef65929793a99a21795244)